PATH
  remote: .
  specs:
    calculus (0.1.0)
      colorized
      flammarion (~> 0.3.0)

GEM
  remote: https://rubygems.org/
  specs:
    addressable (2.8.0)
      public_suffix (>= 2.0.2, < 5.0)
    coffee-script (2.4.1)
      coffee-script-source
      execjs
    coffee-script-source (1.12.2)
    colorize (0.8.1)
    colorized (0.0.0)
    diff-lcs (1.3)
    execjs (2.7.0)
    ffi (1.11.1)
    filewatcher (0.5.4)
      trollop (~> 2.0)
    flammarion (0.3.0)
      coffee-script
      colorize (~> 0.7)
      filewatcher (~> 0.5)
      kramdown
      launchy
      rubame (~> 0.0.2)
      sass
      slim
      websocket
    kramdown (2.1.0)
    launchy (2.4.3)
      addressable (~> 2.3)
    public_suffix (4.0.6)
    rake (10.5.0)
    rb-fsevent (0.10.3)
    rb-inotify (0.10.0)
      ffi (~> 1.0)
    rspec (3.8.0)
      rspec-core (~> 3.8.0)
      rspec-expectations (~> 3.8.0)
      rspec-mocks (~> 3.8.0)
    rspec-core (3.8.2)
      rspec-support (~> 3.8.0)
    rspec-expectations (3.8.4)
      diff-lcs (>= 1.2.0, < 2.0)
      rspec-support (~> 3.8.0)
    rspec-mocks (3.8.1)
      diff-lcs (>= 1.2.0, < 2.0)
      rspec-support (~> 3.8.0)
    rspec-support (3.8.2)
    rubame (0.0.2)
      websocket (~> 1.0)
    sass (3.7.4)
      sass-listen (~> 4.0.0)
    sass-listen (4.0.0)
      rb-fsevent (~> 0.9, >= 0.9.4)
      rb-inotify (~> 0.9, >= 0.9.7)
    slim (4.0.1)
      temple (>= 0.7.6, < 0.9)
      tilt (>= 2.0.6, < 2.1)
    temple (0.8.1)
    tilt (2.0.9)
    trollop (2.9.9)
    websocket (1.2.8)

PLATFORMS
  ruby

DEPENDENCIES
  bundler (~> 2.0)
  calculus!
  colorized
  flammarion (~> 0.3.0)
  rake (~> 10.0)
  rspec (~> 3.0)

BUNDLED WITH
   2.0.2
